GEM
  remote: https://rubygems.org/
  specs:
    rake (10.3.2)
    sass (3.2.15)
    webrick (1.3.1)

PLATFORMS
  ruby

DEPENDENCIES
  rake
  sass (~> 3.2)
  webrick
